!INTERFILE :=
!data offset in bytes := 0
!name of data file := source/patient5/patient5_src_181x181x217.i33
imagedata byte order := LITTLEENDIAN
!matrix size [1] := 181
!matrix size [2] := 181
!number format := unsigned integer
!number of bytes per pixel := 2
scaling factor (mm/pixel) [1] :=1.0
scaling factor (mm/pixel) [2] :=1.0
!number of slices := 217
slice thickness (pixels) :=1.0
centre-centre slice separation (pixels) :=1.0
!END OF INTERFILE :=
