!INTERFILE :=
!data offset in bytes := 0
!name of data file := phantom/patient9/patient9_attn_181x217x181.i33
imagedata byte order := LITTLEENDIAN
!matrix size [1] := 181
!matrix size [2] := 217
!number format := unsigned integer
!number of bytes per pixel := 2
scaling factor (mm/pixel) [1] :=1.0
scaling factor (mm/pixel) [2] :=1.0
!number of slices := 181
slice thickness (pixels) :=1.0
centre-centre slice separation (pixels) :=1.0
!END OF INTERFILE :=
