!INTERFILE :=
!data offset in bytes := 0
!name of data file := source/derenzo/Derenzo_203x191x161_without_bkg.i33
imagedata byte order := LITTLEENDIAN
!matrix size [1] := 203
!matrix size [2] := 191
!number format := unsigned integer
!number of bytes per pixel := 2
scaling factor (mm/pixel) [1] :=1.0
scaling factor (mm/pixel) [2] :=1.0
!number of slices := 161
slice thickness (pixels) :=1.0
centre-centre slice separation (pixels) :=1.0
!END OF INTERFILE :=
