!INTERFILE :=
!data offset in bytes := 0
!name of data file := phantom/derenzo/Derenzo_222x222x161_Attn.i33
imagedata byte order := LITTLEENDIAN
!matrix size [1] := 222
!matrix size [2] := 222
!number format := unsigned integer
!number of bytes per pixel := 2
scaling factor (mm/pixel) [1] :=1.0
scaling factor (mm/pixel) [2] :=1.0
!number of slices := 161
slice thickness (pixels) :=1.0
centre-centre slice separation (pixels) :=1.0
!END OF INTERFILE :=
