!INTERFILE :=
!data offset in bytes := 0
!name of data file := source/defrise/Defrise_200x200x200.i33
imagedata byte order := LITTLEENDIAN
!matrix size [1] := 200
!matrix size [2] := 200
!number format := unsigned integer
!number of bytes per pixel := 2
scaling factor (mm/pixel) [1] :=1.0
scaling factor (mm/pixel) [2] :=1.0
!number of slices := 200
slice thickness (pixels) :=1.0
centre-centre slice separation (pixels) :=1.0
!END OF INTERFILE :=
